PATH
  remote: .
  specs:
    cedar (0.2.3.pre)

GEM
  remote: https://rubygems.org/
  specs:
    rake (10.4.2)

PLATFORMS
  ruby

DEPENDENCIES
  bundler (~> 1.7)
  cedar!
  rake (~> 10.0)
